GIT
  remote: https://github.com/cimon-io/datetime_format_converter.git
  revision: b7a0656d2ac53281a8c02fd320ff2b8ee8adce5b
  specs:
    datetime_format_converter (0.0.4)

GIT
  remote: https://github.com/cimon-io/glipper.git
  revision: 696a95b4bd88b4e778e16dd13dac62f82ef1c220
  specs:
    glipper (0.0.2)
      actionpack (>= 4.1.1, < 6.0)

GIT
  remote: https://github.com/cimon-io/omniauth-twitter.git
  revision: cc19ee89d29ff19f9e74343a4508bc1800c0bbd9
  specs:
    omniauth-twitter (1.2.1)
      json (~> 2.0)
      omniauth-oauth (~> 1.1)

GIT
  remote: https://github.com/cimon-io/simplecov-console.git
  revision: 7bfa9b2f918452184acfc8e9bbd05d45d3d23a63
  specs:
    simplecov-console (0.4.2)
      ansi
      hirb
      simplecov

GIT
  remote: https://github.com/cimon-io/susanin.git
  revision: 4750c7b860bda667b8de6b3a311c58ddeb889fba
  specs:
    susanin (0.1.2)
      actionpack (>= 5.0.0, < 6.0)

GIT
  remote: https://github.com/cimon-io/unobtrusive_resources.git
  revision: 195ed305a8abb6191279ba19e84a9da58cce533e
  specs:
    unobtrusive_resources (0.1.0)
      activesupport (>= 3.0, < 6.0)

GIT
  remote: https://github.com/jamiew/omniauth-tumblr.git
  revision: df06d43eb547bda43c4fd19c068e959ba5922a94
  specs:
    omniauth-tumblr (1.2)
      multi_json
      omniauth-oauth (~> 1.0)

GIT
  remote: https://github.com/mkdynamic/omniauth-facebook.git
  revision: a05db234f6f02a3c8cbae53eb6b5335d1a9dbfc6
  specs:
    omniauth-facebook (5.0.0)
      omniauth-oauth2 (~> 1.2)

GIT
  remote: https://github.com/ropiku/omniauth-instagram.git
  revision: 553e6e7cbe519a95460449023ae33f0c78f47537
  specs:
    omniauth-instagram (1.3.0)
      omniauth (~> 1)
      omniauth-oauth2 (~> 1)

GIT
  remote: https://github.com/sinatra/sinatra.git
  revision: 6f15fba2790ebdf4d1215cebf425dea2ea3130ea
  specs:
    rack-protection (2.0.5)
      rack
    sinatra (2.0.5)
      mustermann (~> 1.0)
      rack (~> 2.0)
      rack-protection (= 2.0.5)
      tilt (~> 2.0)

GEM
  remote: https://rubygems.org/
  specs:
    actioncable (5.2.2.1)
      actionpack (= 5.2.2.1)
      nio4r (~> 2.0)
      websocket-driver (>= 0.6.1)
    actionmailer (5.2.2.1)
      actionpack (= 5.2.2.1)
      actionview (= 5.2.2.1)
      activejob (= 5.2.2.1)
      mail (~> 2.5, >= 2.5.4)
      rails-dom-testing (~> 2.0)
    actionpack (5.2.2.1)
      actionview (= 5.2.2.1)
      activesupport (= 5.2.2.1)
      rack (~> 2.0)
      rack-test (>= 0.6.3)
      rails-dom-testing (~> 2.0)
      rails-html-sanitizer (~> 1.0, >= 1.0.2)
    actionview (5.2.2.1)
      activesupport (= 5.2.2.1)
      builder (~> 3.1)
      erubi (~> 1.4)
      rails-dom-testing (~> 2.0)
      rails-html-sanitizer (~> 1.0, >= 1.0.3)
    active_record_query_trace (1.6.2)
    activejob (5.2.2.1)
      activesupport (= 5.2.2.1)
      globalid (>= 0.3.6)
    activemodel (5.2.2.1)
      activesupport (= 5.2.2.1)
    activerecord (5.2.2.1)
      activemodel (= 5.2.2.1)
      activesupport (= 5.2.2.1)
      arel (>= 9.0)
    activestorage (5.2.2.1)
      actionpack (= 5.2.2.1)
      activerecord (= 5.2.2.1)
      marcel (~> 0.3.1)
    activesupport (5.2.2.1)
      concurrent-ruby (~> 1.0, >= 1.0.2)
      i18n (>= 0.7, < 2)
      minitest (~> 5.1)
      tzinfo (~> 1.1)
    addressable (2.6.0)
      public_suffix (>= 2.0.2, < 4.0)
    ansi (1.5.0)
    archive-zip (0.12.0)
      io-like (~> 0.3.0)
    arel (9.0.0)
    ast (2.4.0)
    attribute_normalizer (1.2.0)
    bindex (0.5.0)
    brakeman (4.4.0)
    builder (3.2.3)
    bundler-audit (0.6.1)
      bundler (>= 1.2.0, < 3)
      thor (~> 0.18)
    byebug (11.0.0)
    cancancan (2.3.0)
    capybara (3.14.0)
      addressable
      mini_mime (>= 0.1.3)
      nokogiri (~> 1.8)
      rack (>= 1.6.0)
      rack-test (>= 0.6.3)
      regexp_parser (~> 1.2)
      xpath (~> 3.2)
    carrierwave (1.3.1)
      activemodel (>= 4.0.0)
      activesupport (>= 4.0.0)
      mime-types (>= 1.16)
    childprocess (0.9.0)
      ffi (~> 1.0, >= 1.0.11)
    chromedriver-helper (2.1.0)
      archive-zip (~> 0.10)
      nokogiri (~> 1.8)
    coderay (1.1.2)
    concurrent-ruby (1.1.5)
    config (1.7.1)
      activesupport (>= 3.0)
      deep_merge (~> 1.2.1)
      dry-validation (>= 0.12.2)
    connection_pool (2.2.2)
    crass (1.0.4)
    css_parser (1.7.0)
      addressable
    database_cleaner (1.7.0)
    db-query-matchers (0.9.0)
      activesupport (>= 4.0, <= 6.0)
      rspec (~> 3.0)
    deep_merge (1.2.1)
    diff-lcs (1.3)
    docile (1.3.1)
    dotenv (2.7.1)
    dotenv-rails (2.7.1)
      dotenv (= 2.7.1)
      railties (>= 3.2, < 6.1)
    dry-configurable (0.8.2)
      concurrent-ruby (~> 1.0)
      dry-core (~> 0.4, >= 0.4.7)
    dry-container (0.7.0)
      concurrent-ruby (~> 1.0)
      dry-configurable (~> 0.1, >= 0.1.3)
    dry-core (0.4.7)
      concurrent-ruby (~> 1.0)
    dry-equalizer (0.2.2)
    dry-inflector (0.1.2)
    dry-logic (0.5.0)
      dry-container (~> 0.2, >= 0.2.6)
      dry-core (~> 0.2)
      dry-equalizer (~> 0.2)
    dry-types (0.14.0)
      concurrent-ruby (~> 1.0)
      dry-container (~> 0.3)
      dry-core (~> 0.4, >= 0.4.4)
      dry-equalizer (~> 0.2)
      dry-inflector (~> 0.1, >= 0.1.2)
      dry-logic (~> 0.5, >= 0.5)
    dry-validation (0.13.0)
      concurrent-ruby (~> 1.0)
      dry-configurable (~> 0.1, >= 0.1.3)
      dry-core (~> 0.2, >= 0.2.1)
      dry-equalizer (~> 0.2)
      dry-logic (~> 0.5, >= 0.5.0)
      dry-types (~> 0.14, >= 0.14)
    erubi (1.8.0)
    et-orbi (1.1.7)
      tzinfo
    factory_bot (4.11.1)
      activesupport (>= 3.0.0)
    faker (1.9.3)
      i18n (>= 0.7)
    faraday (0.15.4)
      multipart-post (>= 1.2, < 3)
    ffi (1.10.0)
    fugit (1.1.8)
      et-orbi (~> 1.1, >= 1.1.7)
      raabro (~> 1.1)
    fuubar (2.3.2)
      rspec-core (~> 3.0)
      ruby-progressbar (~> 1.4)
    globalid (0.4.2)
      activesupport (>= 4.2.0)
    hamlit (2.9.2)
      temple (>= 0.8.0)
      thor
      tilt
    has_secure_token (1.0.0)
      activerecord (>= 3.0)
    hashie (3.6.0)
    hirb (0.7.3)
    htmlentities (4.3.4)
    i18n (1.6.0)
      concurrent-ruby (~> 1.0)
    io-like (0.3.0)
    jaro_winkler (1.5.2)
    jbuilder (2.8.0)
      activesupport (>= 4.2.0)
      multi_json (>= 1.2)
    json (2.2.0)
    jwt (2.1.0)
    listen (3.1.5)
      rb-fsevent (~> 0.9, >= 0.9.4)
      rb-inotify (~> 0.9, >= 0.9.7)
      ruby_dep (~> 1.2)
    loofah (2.2.3)
      crass (~> 1.0.2)
      nokogiri (>= 1.5.9)
    mail (2.7.1)
      mini_mime (>= 0.1.1)
    marcel (0.3.3)
      mimemagic (~> 0.3.2)
    method_source (0.9.2)
    mime-types (3.2.2)
      mime-types-data (~> 3.2015)
    mime-types-data (3.2018.0812)
    mimemagic (0.3.3)
    mini_magick (4.9.3)
    mini_mime (1.0.1)
    mini_portile2 (2.4.0)
    minitest (5.11.3)
    multi_json (1.13.1)
    multi_xml (0.6.0)
    multipart-post (2.0.0)
    mustermann (1.0.3)
    newrelic_rpm (6.1.0.352)
    nio4r (2.3.1)
    nokogiri (1.10.3)
      mini_portile2 (~> 2.4.0)
    oauth (0.5.4)
    oauth2 (1.4.1)
      faraday (>= 0.8, < 0.16.0)
      jwt (>= 1.0, < 3.0)
      multi_json (~> 1.3)
      multi_xml (~> 0.5)
      rack (>= 1.2, < 3)
    oj (3.7.9)
    oj_mimic_json (1.0.1)
    omniauth (1.9.0)
      hashie (>= 3.4.6, < 3.7.0)
      rack (>= 1.6.2, < 3)
    omniauth-oauth (1.1.0)
      oauth
      omniauth (~> 1.0)
    omniauth-oauth2 (1.6.0)
      oauth2 (~> 1.1)
      omniauth (~> 1.9)
    parallel (1.14.0)
    parser (2.6.0.0)
      ast (~> 2.4.0)
    pg (0.21.0)
    powerpack (0.1.2)
    premailer (1.11.1)
      addressable
      css_parser (>= 1.6.0)
      htmlentities (>= 4.0.0)
    premailer-rails (1.10.2)
      actionmailer (>= 3, < 6)
      premailer (~> 1.7, >= 1.7.9)
    pry (0.12.2)
      coderay (~> 1.1.0)
      method_source (~> 0.9.0)
    pry-byebug (3.7.0)
      byebug (~> 11.0)
      pry (~> 0.10)
    pry-doc (0.13.5)
      pry (~> 0.11)
      yard (~> 0.9.11)
    pry-rails (0.3.9)
      pry (>= 0.10.4)
    psych (3.1.0)
    public_suffix (3.0.3)
    puma (3.12.0)
    puma-fsevent_cleanup (0.1.1)
      puma (~> 3.0)
    raabro (1.1.6)
    rack (2.0.6)
    rack-test (1.1.0)
      rack (>= 1.0, < 3)
    rails (5.2.2.1)
      actioncable (= 5.2.2.1)
      actionmailer (= 5.2.2.1)
      actionpack (= 5.2.2.1)
      actionview (= 5.2.2.1)
      activejob (= 5.2.2.1)
      activemodel (= 5.2.2.1)
      activerecord (= 5.2.2.1)
      activestorage (= 5.2.2.1)
      activesupport (= 5.2.2.1)
      bundler (>= 1.3.0)
      railties (= 5.2.2.1)
      sprockets-rails (>= 2.0.0)
    rails-dom-testing (2.0.3)
      activesupport (>= 4.2.0)
      nokogiri (>= 1.6)
    rails-html-sanitizer (1.0.4)
      loofah (~> 2.2, >= 2.2.2)
    rails_12factor (0.0.3)
      rails_serve_static_assets
      rails_stdout_logging
    rails_serve_static_assets (0.0.5)
    rails_stdout_logging (0.0.5)
    railties (5.2.2.1)
      actionpack (= 5.2.2.1)
      activesupport (= 5.2.2.1)
      method_source
      rake (>= 0.8.7)
      thor (>= 0.19.0, < 2.0)
    rainbow (3.0.0)
    rake (12.3.2)
    rb-fsevent (0.10.3)
    rb-inotify (0.10.0)
      ffi (~> 1.0)
    redis (4.1.0)
    redis-namespace (1.6.0)
      redis (>= 3.0.4)
    regexp_parser (1.3.0)
    rollbar (2.19.2)
      multi_json
    rspec (3.8.0)
      rspec-core (~> 3.8.0)
      rspec-expectations (~> 3.8.0)
      rspec-mocks (~> 3.8.0)
    rspec-core (3.8.0)
      rspec-support (~> 3.8.0)
    rspec-expectations (3.8.2)
      diff-lcs (>= 1.2.0, < 2.0)
      rspec-support (~> 3.8.0)
    rspec-its (1.2.0)
      rspec-core (>= 3.0.0)
      rspec-expectations (>= 3.0.0)
    rspec-mocks (3.8.0)
      diff-lcs (>= 1.2.0, < 2.0)
      rspec-support (~> 3.8.0)
    rspec-rails (3.8.2)
      actionpack (>= 3.0)
      activesupport (>= 3.0)
      railties (>= 3.0)
      rspec-core (~> 3.8.0)
      rspec-expectations (~> 3.8.0)
      rspec-mocks (~> 3.8.0)
      rspec-support (~> 3.8.0)
    rspec-simplecov (0.2.2)
    rspec-support (3.8.0)
    rubocop (0.65.0)
      jaro_winkler (~> 1.5.1)
      parallel (~> 1.10)
      parser (>= 2.5, != 2.5.1.1)
      powerpack (~> 0.1)
      psych (>= 3.1.0)
      rainbow (>= 2.2.2, < 4.0)
      ruby-progressbar (~> 1.7)
      unicode-display_width (~> 1.4.0)
    ruby-progressbar (1.10.0)
    ruby_dep (1.5.0)
    rubyzip (1.2.2)
    rufus-scheduler (3.5.2)
      fugit (~> 1.1, >= 1.1.5)
    selenium-webdriver (3.141.0)
      childprocess (~> 0.5)
      rubyzip (~> 1.2, >= 1.2.2)
    shoulda-matchers (3.1.3)
      activesupport (>= 4.0.0)
    sidekiq (5.2.5)
      connection_pool (~> 2.2, >= 2.2.2)
      rack (>= 1.5.0)
      rack-protection (>= 1.5.0)
      redis (>= 3.3.5, < 5)
    sidekiq-scheduler (2.2.2)
      redis (>= 3, < 5)
      rufus-scheduler (~> 3.2)
      sidekiq (>= 3)
      tilt (>= 1.4.0)
    sidekiq-unique-jobs (5.0.11)
      concurrent-ruby (>= 1.0.2)
      sidekiq (>= 4.0, < 6.0)
      thor (~> 0)
    simple_form (4.1.0)
      actionpack (>= 5.0)
      activemodel (>= 5.0)
    simplecov (0.16.1)
      docile (~> 1.1)
      json (>= 1.8, < 3)
      simplecov-html (~> 0.10.0)
    simplecov-html (0.10.2)
    sprockets (3.7.2)
      concurrent-ruby (~> 1.0)
      rack (> 1, < 3)
    sprockets-rails (3.2.1)
      actionpack (>= 4.0)
      activesupport (>= 4.0)
      sprockets (>= 3.0.0)
    teaspoon (1.1.5)
      railties (>= 3.2.5, < 6)
    teaspoon-jasmine (2.3.4)
      teaspoon (>= 1.0.0)
    temple (0.8.1)
    thor (0.20.3)
    thread_safe (0.3.6)
    tilt (2.0.9)
    timecop (0.9.1)
    tzinfo (1.2.5)
      thread_safe (~> 0.1)
    unicode-display_width (1.4.1)
    unique (0.1.0)
    web-console (3.7.0)
      actionview (>= 5.0)
      activemodel (>= 5.0)
      bindex (>= 0.4.0)
      railties (>= 5.0)
    websocket-driver (0.7.0)
      websocket-extensions (>= 0.1.0)
    websocket-extensions (0.1.3)
    xpath (3.2.0)
      nokogiri (~> 1.8)
    yard (0.9.18)

PLATFORMS
  ruby

DEPENDENCIES
  active_record_query_trace (~> 1.5)
  attribute_normalizer (~> 1.2)
  brakeman
  bundler-audit
  cancancan (~> 2.1)
  capybara
  carrierwave (~> 1.2)
  chromedriver-helper
  config (~> 1.7)
  database_cleaner (~> 1.6)
  datetime_format_converter!
  db-query-matchers (~> 0.9)
  dotenv-rails
  factory_bot (~> 4.8)
  faker (~> 1.8)
  fuubar (~> 2.2)
  glipper!
  hamlit (~> 2.8)
  has_secure_token (~> 1.0)
  jbuilder (~> 2.5)
  listen (~> 3.1)
  mini_magick (~> 4.8)
  newrelic_rpm
  nokogiri (~> 1.8)
  oj (~> 3.5)
  oj_mimic_json (~> 1.0)
  omniauth
  omniauth-facebook!
  omniauth-instagram!
  omniauth-tumblr!
  omniauth-twitter!
  pg (~> 0.21)
  premailer-rails (~> 1.10)
  pry (~> 0.10)
  pry-byebug (~> 3.4)
  pry-doc (~> 0.10)
  pry-rails (~> 0.3)
  puma (~> 3.0)
  puma-fsevent_cleanup (~> 0.1)
  rails (= 5.2.2.1)
  rails_12factor
  redis-namespace (~> 1.6)
  rollbar (~> 2.15)
  rspec-its (~> 1.2)
  rspec-rails (~> 3.6)
  rspec-simplecov (~> 0.2)
  rubocop
  selenium-webdriver
  shoulda-matchers (~> 3.1)
  sidekiq (~> 5.1)
  sidekiq-scheduler (~> 2.2)
  sidekiq-unique-jobs (~> 5.0)
  simple_form (~> 4.0)
  simplecov (~> 0.14)
  simplecov-console!
  sinatra!
  susanin!
  teaspoon-jasmine (~> 2.3)
  timecop (~> 0.9)
  unique
  unobtrusive_resources!
  web-console (~> 3.5)

RUBY VERSION
   ruby 2.5.1p57

BUNDLED WITH
   1.17.3
